GEM
  remote: https://rubygems.org/
  specs:
    faker (1.7.3)
      i18n (~> 0.5)
    i18n (0.8.1)
    sqlite3 (1.3.13)

PLATFORMS
  ruby

DEPENDENCIES
  faker
  sqlite3

BUNDLED WITH
   1.15.0
